PATH
  remote: .
  specs:
    oauth2 (0.0.13)
      faraday (~> 0.5.0)
      multi_json (~> 0.0.4)

GEM
  remote: http://rubygems.org/
  specs:
    addressable (2.1.2)
    faraday (0.5.0)
      addressable (~> 2.1.1)
      multipart-post (~> 1.0.1)
      rack (~> 1.2.1)
    json_pure (1.4.6)
    multi_json (0.0.4)
    multipart-post (1.0.1)
    rack (1.2.1)
    rake (0.8.7)
    rspec (1.3.1)

PLATFORMS
  ruby

DEPENDENCIES
  faraday (~> 0.5.0)
  json_pure (~> 1.4.6)
  multi_json (~> 0.0.4)
  oauth2!
  rake (~> 0.8)
  rspec (~> 1.2)
