PATH
  remote: .
  specs:
    oauth2 (0.0.13)
      faraday (~> 0.4.1)
      multi_json (>= 0.0.4)

GEM
  remote: http://rubygems.org/
  specs:
    addressable (2.2.1)
    faraday (0.4.6)
      addressable (>= 2.1.1)
      rack (>= 1.0.1)
    gemcutter (0.6.1)
    git (1.2.5)
    jeweler (1.4.0)
      gemcutter (>= 0.1.0)
      git (>= 1.2.5)
      rubyforge (>= 2.0.0)
    json_pure (1.4.6)
    multi_json (0.0.4)
    rack (1.2.1)
    rake (0.8.7)
    rspec (1.3.1)
    rubyforge (2.0.4)
      json_pure (>= 1.1.7)

PLATFORMS
  ruby

DEPENDENCIES
  faraday (~> 0.4.1)
  jeweler (~> 1.4)
  multi_json (>= 0.0.4)
  oauth2!
  rake (~> 0.8)
  rspec (~> 1.2)
